GEM
  remote: https://rubygems.org/
  specs:
    ZenTest (4.9.0)
    autotest (4.4.6)
      ZenTest (>= 4.4.1)
    builder (3.2.0)
    diff-lcs (1.2.2)
    hpricot (0.8.6)
    rack (1.5.2)
    rdiscount (2.0.7.2)
    riot (0.12.5)
      rr
    rr (1.0.5)
    rspec (2.13.0)
      rspec-core (~> 2.13.0)
      rspec-expectations (~> 2.13.0)
      rspec-mocks (~> 2.13.0)
    rspec-core (2.13.1)
    rspec-expectations (2.13.0)
      diff-lcs (>= 1.1.3, < 2.0)
    rspec-mocks (2.13.1)

PLATFORMS
  ruby

DEPENDENCIES
  ZenTest
  autotest
  builder
  hpricot
  rack
  rdiscount
  riot
  rspec
