GEM
  remote: https://rubygems.org/
  specs:
    ZenTest (4.9.0)
    autotest (4.4.6)
      ZenTest (>= 4.4.1)
    builder (3.2.0)
    diff-lcs (1.2.2)
    git (1.2.5)
    hpricot (0.8.6)
    jeweler (1.8.4)
      bundler (~> 1.0)
      git (>= 1.2.5)
      rake
      rdoc
    json (1.7.7)
    rack (1.5.2)
    rake (10.0.4)
    rdiscount (2.0.7.2)
    rdoc (4.0.1)
      json (~> 1.4)
    riot (0.12.5)
      rr
    rr (1.0.5)
    rspec (2.13.0)
      rspec-core (~> 2.13.0)
      rspec-expectations (~> 2.13.0)
      rspec-mocks (~> 2.13.0)
    rspec-core (2.13.1)
    rspec-expectations (2.13.0)
      diff-lcs (>= 1.1.3, < 2.0)
    rspec-mocks (2.13.1)

PLATFORMS
  ruby

DEPENDENCIES
  ZenTest
  autotest
  builder
  hpricot
  jeweler
  rack
  rdiscount
  riot
  rspec
